GEM
  remote: https://rubygems.org/
  specs:
    ast (2.0.0)
    mini_portile (0.6.0)
    nokogiri (1.6.3.1)
      mini_portile (= 0.6.0)
    parser (2.1.9)
      ast (>= 1.1, < 3.0)
      slop (~> 3.4, >= 3.4.5)
    ruby-lint (2.0.2)
      parser (~> 2.1, >= 2.1.1)
      slop (~> 3.4, >= 3.4.7)
    slop (3.6.0)

PLATFORMS
  ruby

DEPENDENCIES
  nokogiri
  ruby-lint
